STORAGE: NONE
NUGET
  remote: https://www.nuget.org/api/v2
    Argu (6.1.1) - restriction: >= net7.0
      FSharp.Core (>= 4.3.2) - restriction: >= netstandard2.0
      System.Configuration.ConfigurationManager (>= 4.4) - restriction: >= netstandard2.0
    BlackFox.VsWhere (1.1) - restriction: >= net7.0
      FSharp.Core (>= 4.2.3) - restriction: && (< net45) (>= netstandard2.0)
      Microsoft.Win32.Registry (>= 4.7) - restriction: && (< net45) (>= netstandard2.0)
    Dap.Build (0.9)
      Fake.Core.Process (>= 5.23.1) - restriction: >= net7.0
      Fake.Core.ReleaseNotes (>= 5.23.1) - restriction: >= net7.0
      Fake.Core.String (>= 5.23.1) - restriction: >= net7.0
      Fake.Core.Target (>= 5.23.1) - restriction: >= net7.0
      Fake.DotNet.Cli (>= 5.23.1) - restriction: >= net7.0
      Fake.DotNet.NuGet (>= 5.23.1) - restriction: >= net7.0
      Fake.IO.FileSystem (>= 5.23.1) - restriction: >= net7.0
      Fake.IO.Zip (>= 5.23.1) - restriction: >= net7.0
      Fake.JavaScript.Yarn (>= 5.23.1) - restriction: >= net7.0
      Fake.Net.Http (>= 5.23.1) - restriction: >= net7.0
      Fake.Tools.Git (>= 5.23.1) - restriction: >= net7.0
      FSharp.Core (>= 7.0) - restriction: >= net7.0
    Dap.Context (0.11)
      Dap.Prelude (>= 0.11) - restriction: >= net7.0
      Thoth.Json.Net (>= 9.0) - restriction: >= net7.0
    Dap.Gui (0.9)
      Dap.Local (>= 0.11) - restriction: >= net7.0
      Dap.Skia (>= 0.9) - restriction: >= net7.0
      Microsoft.Maui.Essentials (>= 6.0.100-preview.5.794) - restriction: >= net7.0
    Dap.Local (0.11)
      Argu (>= 6.1.1) - restriction: >= net7.0
      Dap.Platform (>= 0.11) - restriction: >= net7.0
    Dap.Platform (0.11)
      Dap.Context (>= 0.11) - restriction: >= net7.0
      Dap.Platform.Cli (>= 0.11) - restriction: >= net7.0
      Elmish (>= 3.1) - restriction: >= net7.0
      NodaTime (>= 3.1.5) - restriction: >= net7.0
    Dap.Platform.Cli (0.11)
    Dap.Prelude (0.11)
      FSharp.Core (>= 7.0) - restriction: >= net7.0
      Serilog (>= 2.12) - restriction: >= net7.0
      Serilog.Enrichers.Thread (>= 3.1) - restriction: >= net7.0
      Serilog.Formatting.Compact (>= 1.1) - restriction: >= net7.0
      Serilog.Sinks.Console (>= 4.1) - restriction: >= net7.0
      Serilog.Sinks.File (>= 5.0) - restriction: >= net7.0
      Serilog.Sinks.Seq (>= 5.2.2) - restriction: >= net7.0
    Dap.Skia (0.9)
      Dap.Local (>= 0.11) - restriction: >= net7.0
      SkiaSharp (>= 2.88.3) - restriction: >= net7.0
    Elmish (3.1) - restriction: >= net7.0
      FSharp.Core (>= 4.6.2) - restriction: || (>= net461) (>= netstandard1.6)
    Fable.Core (3.7.1) - restriction: >= net7.0
    Fabulous (2.1) - restriction: >= net7.0
      FSharp.Core (>= 7.0) - restriction: >= netstandard2.1
      System.Memory (>= 4.5.5) - restriction: >= netstandard2.1
    Fabulous.MauiControls (2.1)
      Fabulous (>= 2.1) - restriction: >= net7.0
      FSharp.Core (>= 7.0) - restriction: >= net7.0
    Fake.Core.CommandLineParsing (5.23.1) - restriction: >= net7.0
      FParsec (>= 1.1.1) - restriction: >= netstandard2.0
      FSharp.Core (>= 6.0) - restriction: >= netstandard2.0
    Fake.Core.Context (5.23.1) - restriction: >= net7.0
      FSharp.Core (>= 6.0) - restriction: >= netstandard2.0
    Fake.Core.Environment (5.23.1) - restriction: >= net7.0
      FSharp.Core (>= 6.0) - restriction: >= netstandard2.0
    Fake.Core.FakeVar (5.23.1) - restriction: >= net7.0
      Fake.Core.Context (>= 5.23.1) - restriction: >= netstandard2.0
      FSharp.Core (>= 6.0) - restriction: >= netstandard2.0
    Fake.Core.Process (5.23.1) - restriction: >= net7.0
      Fake.Core.Environment (>= 5.23.1) - restriction: >= netstandard2.0
      Fake.Core.FakeVar (>= 5.23.1) - restriction: >= netstandard2.0
      Fake.Core.String (>= 5.23.1) - restriction: >= netstandard2.0
      Fake.Core.Trace (>= 5.23.1) - restriction: >= netstandard2.0
      Fake.IO.FileSystem (>= 5.23.1) - restriction: >= netstandard2.0
      FSharp.Core (>= 6.0) - restriction: >= netstandard2.0
      System.Collections.Immutable (>= 5.0) - restriction: >= netstandard2.0
    Fake.Core.ReleaseNotes (5.23.1) - restriction: >= net7.0
      Fake.Core.SemVer (>= 5.23.1) - restriction: >= netstandard2.0
      Fake.Core.String (>= 5.23.1) - restriction: >= netstandard2.0
      FSharp.Core (>= 6.0) - restriction: >= netstandard2.0
    Fake.Core.SemVer (5.23.1) - restriction: >= net7.0
      FSharp.Core (>= 6.0) - restriction: >= netstandard2.0
    Fake.Core.String (5.23.1) - restriction: >= net7.0
      FSharp.Core (>= 6.0) - restriction: >= netstandard2.0
    Fake.Core.Target (5.23.1) - restriction: >= net7.0
      Fake.Core.CommandLineParsing (>= 5.23.1) - restriction: >= netstandard2.0
      Fake.Core.Context (>= 5.23.1) - restriction: >= netstandard2.0
      Fake.Core.Environment (>= 5.23.1) - restriction: >= netstandard2.0
      Fake.Core.FakeVar (>= 5.23.1) - restriction: >= netstandard2.0
      Fake.Core.Process (>= 5.23.1) - restriction: >= netstandard2.0
      Fake.Core.String (>= 5.23.1) - restriction: >= netstandard2.0
      Fake.Core.Trace (>= 5.23.1) - restriction: >= netstandard2.0
      FSharp.Control.Reactive (>= 5.0.2) - restriction: >= netstandard2.0
      FSharp.Core (>= 6.0) - restriction: >= netstandard2.0
    Fake.Core.Tasks (5.23.1) - restriction: >= net7.0
      Fake.Core.Trace (>= 5.23.1) - restriction: >= netstandard2.0
      FSharp.Core (>= 6.0) - restriction: >= netstandard2.0
    Fake.Core.Trace (5.23.1) - restriction: >= net7.0
      Fake.Core.Environment (>= 5.23.1) - restriction: >= netstandard2.0
      Fake.Core.FakeVar (>= 5.23.1) - restriction: >= netstandard2.0
      FSharp.Core (>= 6.0) - restriction: >= netstandard2.0
    Fake.Core.Xml (5.23.1) - restriction: >= net7.0
      Fake.Core.String (>= 5.23.1) - restriction: >= netstandard2.0
      FSharp.Core (>= 6.0) - restriction: >= netstandard2.0
    Fake.DotNet.Cli (5.23.1) - restriction: >= net7.0
      Fake.Core.Environment (>= 5.23.1) - restriction: >= netstandard2.0
      Fake.Core.Process (>= 5.23.1) - restriction: >= netstandard2.0
      Fake.Core.String (>= 5.23.1) - restriction: >= netstandard2.0
      Fake.Core.Trace (>= 5.23.1) - restriction: >= netstandard2.0
      Fake.DotNet.MSBuild (>= 5.23.1) - restriction: >= netstandard2.0
      Fake.DotNet.NuGet (>= 5.23.1) - restriction: >= netstandard2.0
      Fake.IO.FileSystem (>= 5.23.1) - restriction: >= netstandard2.0
      FSharp.Core (>= 6.0) - restriction: >= netstandard2.0
      Mono.Posix.NETStandard (>= 1.0) - restriction: >= netstandard2.0
      Newtonsoft.Json (>= 13.0.1) - restriction: >= netstandard2.0
    Fake.DotNet.MSBuild (5.23.1) - restriction: >= net7.0
      BlackFox.VsWhere (>= 1.1) - restriction: >= netstandard2.0
      Fake.Core.Environment (>= 5.23.1) - restriction: >= netstandard2.0
      Fake.Core.Process (>= 5.23.1) - restriction: >= netstandard2.0
      Fake.Core.String (>= 5.23.1) - restriction: >= netstandard2.0
      Fake.Core.Trace (>= 5.23.1) - restriction: >= netstandard2.0
      Fake.IO.FileSystem (>= 5.23.1) - restriction: >= netstandard2.0
      FSharp.Core (>= 6.0) - restriction: >= netstandard2.0
      MSBuild.StructuredLogger (>= 2.1.545) - restriction: >= netstandard2.0
    Fake.DotNet.NuGet (5.23.1) - restriction: >= net7.0
      Fake.Core.Environment (>= 5.23.1) - restriction: >= netstandard2.0
      Fake.Core.Process (>= 5.23.1) - restriction: >= netstandard2.0
      Fake.Core.SemVer (>= 5.23.1) - restriction: >= netstandard2.0
      Fake.Core.String (>= 5.23.1) - restriction: >= netstandard2.0
      Fake.Core.Tasks (>= 5.23.1) - restriction: >= netstandard2.0
      Fake.Core.Trace (>= 5.23.1) - restriction: >= netstandard2.0
      Fake.Core.Xml (>= 5.23.1) - restriction: >= netstandard2.0
      Fake.IO.FileSystem (>= 5.23.1) - restriction: >= netstandard2.0
      Fake.Net.Http (>= 5.23.1) - restriction: >= netstandard2.0
      FSharp.Core (>= 6.0) - restriction: >= netstandard2.0
      Newtonsoft.Json (>= 13.0.1) - restriction: >= netstandard2.0
      NuGet.Protocol (>= 5.11) - restriction: >= netstandard2.0
    Fake.IO.FileSystem (5.23.1) - restriction: >= net7.0
      Fake.Core.String (>= 5.23.1) - restriction: >= netstandard2.0
      FSharp.Core (>= 6.0) - restriction: >= netstandard2.0
    Fake.IO.Zip (5.23.1) - restriction: >= net7.0
      Fake.Core.String (>= 5.23.1) - restriction: >= netstandard2.0
      Fake.IO.FileSystem (>= 5.23.1) - restriction: >= netstandard2.0
      FSharp.Core (>= 6.0) - restriction: >= netstandard2.0
    Fake.JavaScript.Yarn (5.23.1) - restriction: >= net7.0
      Fake.Core.Environment (>= 5.23.1) - restriction: >= netstandard2.0
      Fake.Core.Process (>= 5.23.1) - restriction: >= netstandard2.0
      FSharp.Core (>= 6.0) - restriction: >= netstandard2.0
    Fake.Net.Http (5.23.1) - restriction: >= net7.0
      Fake.Core.Trace (>= 5.23.1) - restriction: >= netstandard2.0
      FSharp.Core (>= 6.0) - restriction: >= netstandard2.0
    Fake.Tools.Git (5.23.1) - restriction: >= net7.0
      Fake.Core.Environment (>= 5.23.1) - restriction: >= netstandard2.0
      Fake.Core.Process (>= 5.23.1) - restriction: >= netstandard2.0
      Fake.Core.SemVer (>= 5.23.1) - restriction: >= netstandard2.0
      Fake.Core.String (>= 5.23.1) - restriction: >= netstandard2.0
      Fake.Core.Trace (>= 5.23.1) - restriction: >= netstandard2.0
      Fake.IO.FileSystem (>= 5.23.1) - restriction: >= netstandard2.0
      FSharp.Core (>= 6.0) - restriction: >= netstandard2.0
    FParsec (1.1.1) - restriction: >= net7.0
      FSharp.Core (>= 4.3.4) - restriction: || (>= net45) (>= netstandard2.0)
    FSharp.Control.Reactive (5.0.5) - restriction: >= net7.0
      FSharp.Core (>= 4.7.2) - restriction: >= netstandard2.0
      System.Reactive (>= 5.0 < 6.0) - restriction: >= netstandard2.0
    FSharp.Core (7.0)
    Microsoft.Build (17.4) - restriction: >= net7.0
      Microsoft.Build.Framework (>= 17.4) - restriction: || (>= net472) (>= net7.0)
      Microsoft.NET.StringTools (>= 17.4) - restriction: || (>= net472) (>= net7.0)
      System.Collections.Immutable (>= 6.0) - restriction: || (>= net472) (>= net7.0)
      System.Configuration.ConfigurationManager (>= 6.0) - restriction: || (>= net472) (>= net7.0)
      System.Reflection.Metadata (>= 6.0) - restriction: >= net7.0
      System.Reflection.MetadataLoadContext (>= 6.0) - restriction: || (>= net472) (>= net7.0)
      System.Security.Principal.Windows (>= 5.0) - restriction: >= net7.0
      System.Text.Encoding.CodePages (>= 6.0) - restriction: >= net7.0
      System.Text.Json (>= 6.0) - restriction: || (>= net472) (>= net7.0)
      System.Threading.Tasks.Dataflow (>= 6.0) - restriction: || (>= net472) (>= net7.0)
    Microsoft.Build.Framework (17.4) - restriction: >= net7.0
      System.Security.Permissions (>= 6.0) - restriction: || (&& (< net472) (>= netstandard2.0)) (>= net7.0)
    Microsoft.Build.Tasks.Core (17.4) - restriction: >= net7.0
      Microsoft.Build.Framework (>= 17.4) - restriction: >= netstandard2.0
      Microsoft.Build.Utilities.Core (>= 17.4) - restriction: >= netstandard2.0
      Microsoft.NET.StringTools (>= 17.4) - restriction: >= netstandard2.0
      System.CodeDom (>= 6.0) - restriction: || (&& (< net472) (>= netstandard2.0)) (>= net7.0)
      System.Collections.Immutable (>= 6.0) - restriction: >= netstandard2.0
      System.Reflection.Metadata (>= 6.0) - restriction: || (&& (< net472) (>= netstandard2.0)) (>= net7.0)
      System.Resources.Extensions (>= 6.0) - restriction: >= netstandard2.0
      System.Security.Cryptography.Pkcs (>= 6.0.1) - restriction: || (&& (< net472) (>= netstandard2.0)) (>= net7.0)
      System.Security.Cryptography.Xml (>= 6.0) - restriction: || (&& (< net472) (>= netstandard2.0)) (>= net7.0)
      System.Security.Permissions (>= 6.0) - restriction: || (&& (< net472) (>= netstandard2.0)) (>= net7.0)
      System.Threading.Tasks.Dataflow (>= 6.0) - restriction: >= netstandard2.0
    Microsoft.Build.Tasks.Git (1.1.1)
    Microsoft.Build.Utilities.Core (17.4) - restriction: >= net7.0
      Microsoft.Build.Framework (>= 17.4) - restriction: >= netstandard2.0
      Microsoft.NET.StringTools (>= 17.4) - restriction: >= netstandard2.0
      System.Collections.Immutable (>= 6.0) - restriction: >= netstandard2.0
      System.Configuration.ConfigurationManager (>= 6.0) - restriction: >= netstandard2.0
    Microsoft.Maui.Essentials (6.0.100-preview.5.794) - restriction: >= net7.0
      Microsoft.Maui.Graphics (>= 6.0.100-preview.5.229) - restriction: >= netstandard2.0
      System.Numerics.Vectors (>= 4.5) - restriction: || (&& (< net6.0-android) (< net6.0-ios) (< net6.0-windows10.0.18362.0) (>= netstandard2.1)) (&& (>= netstandard2.0) (< netstandard2.1))
    Microsoft.Maui.Graphics (7.0.49) - restriction: >= net7.0
    Microsoft.NET.StringTools (17.4) - restriction: >= net7.0
      System.Memory (>= 4.5.5) - restriction: >= netstandard2.0
      System.Runtime.CompilerServices.Unsafe (>= 6.0) - restriction: >= netstandard2.0
    Microsoft.SourceLink.Common (1.1.1)
    Microsoft.SourceLink.GitHub (1.1.1)
      Microsoft.Build.Tasks.Git (>= 1.1.1)
      Microsoft.SourceLink.Common (>= 1.1.1)
    Microsoft.Win32.Registry (5.0) - restriction: >= net7.0
      System.Buffers (>= 4.5.1) - restriction: || (&& (>= monoandroid) (< netstandard1.3)) (>= monotouch) (&& (< net46) (< netcoreapp2.0) (>= netstandard2.0)) (>= xamarinios) (>= xamarinmac) (>= xamarintvos) (>= xamarinwatchos)
      System.Security.AccessControl (>= 5.0) - restriction: || (&& (>= monoandroid) (< netstandard1.3)) (&& (< monoandroid) (>= netcoreapp2.0)) (>= monotouch) (&& (< net46) (< netcoreapp2.0) (>= netstandard2.0)) (>= net461) (>= netcoreapp2.1) (>= uap10.1) (>= xamarinios) (>= xamarinmac) (>= xamarintvos) (>= xamarinwatchos)
      System.Security.Principal.Windows (>= 5.0) - restriction: || (&& (>= monoandroid) (< netstandard1.3)) (&& (< monoandroid) (>= netcoreapp2.0)) (>= monotouch) (&& (< net46) (< netcoreapp2.0) (>= netstandard2.0)) (>= net461) (>= netcoreapp2.1) (>= uap10.1) (>= xamarinios) (>= xamarinmac) (>= xamarintvos) (>= xamarinwatchos)
    Microsoft.Win32.SystemEvents (7.0) - restriction: >= net7.0
    Mono.Posix.NETStandard (1.0) - restriction: >= net7.0
    MSBuild.StructuredLogger (2.1.669) - restriction: >= net7.0
      Microsoft.Build (>= 16.10) - restriction: >= netstandard2.0
      Microsoft.Build.Framework (>= 16.10) - restriction: >= netstandard2.0
      Microsoft.Build.Tasks.Core (>= 16.10) - restriction: >= netstandard2.0
      Microsoft.Build.Utilities.Core (>= 16.10) - restriction: >= netstandard2.0
    Newtonsoft.Json (13.0.1) - restriction: >= net7.0
    NodaTime (3.1.5) - restriction: >= net7.0
      System.Runtime.CompilerServices.Unsafe (>= 4.7.1) - restriction: >= netstandard2.0
    NuGet.Common (6.4) - restriction: >= net7.0
      NuGet.Frameworks (>= 6.4) - restriction: >= netstandard2.0
    NuGet.Configuration (6.4) - restriction: >= net7.0
      NuGet.Common (>= 6.4) - restriction: >= netstandard2.0
      System.Security.Cryptography.ProtectedData (>= 4.4) - restriction: && (< net472) (>= netstandard2.0)
    NuGet.Frameworks (6.4) - restriction: >= net7.0
    NuGet.Packaging (6.4) - restriction: >= net7.0
      Newtonsoft.Json (>= 13.0.1) - restriction: >= netstandard2.0
      NuGet.Configuration (>= 6.4) - restriction: >= netstandard2.0
      NuGet.Versioning (>= 6.4) - restriction: >= netstandard2.0
      System.Security.Cryptography.Cng (>= 5.0) - restriction: || (&& (< net472) (>= netstandard2.0)) (>= net5.0)
      System.Security.Cryptography.Pkcs (>= 5.0) - restriction: || (&& (< net472) (>= netstandard2.0)) (>= net5.0)
    NuGet.Protocol (6.4) - restriction: >= net7.0
      NuGet.Packaging (>= 6.4) - restriction: >= netstandard2.0
    NuGet.Versioning (6.4) - restriction: >= net7.0
    Serilog (2.12) - restriction: >= net7.0
    Serilog.Enrichers.Thread (3.1) - restriction: >= net7.0
      Serilog (>= 2.3) - restriction: >= netstandard1.0
    Serilog.Formatting.Compact (1.1) - restriction: >= net7.0
      Serilog (>= 2.8) - restriction: >= netstandard1.1
    Serilog.Sinks.Console (4.1) - restriction: >= net7.0
      Serilog (>= 2.10) - restriction: || (>= net45) (>= netstandard1.3)
    Serilog.Sinks.File (5.0) - restriction: >= net7.0
      Serilog (>= 2.10) - restriction: || (>= net45) (>= netstandard1.3)
    Serilog.Sinks.PeriodicBatching (3.1) - restriction: >= net7.0
      Serilog (>= 2.0) - restriction: >= netstandard1.1
    Serilog.Sinks.Seq (5.2.2) - restriction: >= net7.0
      Serilog (>= 2.12) - restriction: >= netstandard1.1
      Serilog.Formatting.Compact (>= 1.1) - restriction: >= netstandard1.1
      Serilog.Sinks.File (>= 5.0) - restriction: || (>= net45) (>= netstandard1.3)
      Serilog.Sinks.PeriodicBatching (>= 3.1) - restriction: >= netstandard1.1
    SkiaSharp (2.88.3) - restriction: >= net7.0
      SkiaSharp.NativeAssets.macOS (>= 2.88.3) - restriction: || (&& (< monoandroid) (< net5.0) (>= netcoreapp3.1) (< xamarinios) (< xamarinmac) (< xamarintvos) (< xamarinwatchos)) (&& (< monoandroid) (>= net6.0) (< xamarinios) (< xamarinmac) (< xamarintvos) (< xamarinwatchos)) (&& (< monoandroid) (>= netstandard1.3) (< netstandard2.0) (< uap10.1) (< xamarintvos) (< xamarinwatchos)) (>= net462) (&& (>= net5.0) (< net6.0) (< xamarinios) (< xamarinmac) (< xamarintvos) (< xamarinwatchos)) (&& (< net6.0) (>= xamarinmac)) (>= net6.0-macos) (&& (< netcoreapp3.1) (>= netstandard2.1) (< xamarinios) (< xamarinmac) (< xamarintvos) (< xamarinwatchos)) (&& (>= netstandard2.0) (< netstandard2.1) (< xamarintvos) (< xamarinwatchos))
      SkiaSharp.NativeAssets.watchOS (>= 2.88.3) - restriction: >= xamarinwatchos
      SkiaSharp.NativeAssets.Win32 (>= 2.88.3) - restriction: || (&& (< monoandroid) (< net5.0) (>= netcoreapp3.1) (< xamarinios) (< xamarinmac) (< xamarintvos) (< xamarinwatchos)) (&& (< monoandroid) (>= net6.0) (< xamarinios) (< xamarinmac) (< xamarintvos) (< xamarinwatchos)) (&& (< monoandroid) (>= netstandard1.3) (< netstandard2.0) (< uap10.1) (< xamarintvos) (< xamarinwatchos)) (>= net462) (&& (>= net5.0) (< net6.0) (< xamarinios) (< xamarinmac) (< xamarintvos) (< xamarinwatchos)) (&& (< netcoreapp3.1) (>= netstandard2.1) (< xamarinios) (< xamarinmac) (< xamarintvos) (< xamarinwatchos)) (&& (>= netstandard2.0) (< netstandard2.1) (< xamarintvos) (< xamarinwatchos))
    SkiaSharp.NativeAssets.macOS (2.88.3) - restriction: || (&& (< monoandroid) (>= net7.0) (< netstandard2.0) (< xamarintvos) (< xamarinwatchos)) (&& (< monoandroid) (>= net7.0) (< xamarinios) (< xamarinmac) (< xamarintvos) (< xamarinwatchos)) (&& (>= net462) (>= net7.0)) (&& (< net6.0) (>= net7.0) (< xamarinios) (< xamarinmac) (< xamarintvos) (< xamarinwatchos)) (&& (< net6.0) (>= net7.0) (>= xamarinmac)) (&& (>= net6.0-macos) (>= net7.0)) (&& (>= net7.0) (< netcoreapp3.1) (< xamarinios) (< xamarinmac) (< xamarintvos) (< xamarinwatchos)) (&& (>= net7.0) (< netstandard2.1) (< xamarintvos) (< xamarinwatchos))
    SkiaSharp.NativeAssets.watchOS (2.88.3) - restriction: && (>= net7.0) (>= xamarinwatchos)
    SkiaSharp.NativeAssets.Win32 (2.88.3) - restriction: || (&& (< monoandroid) (>= net7.0) (< netstandard2.0) (< xamarintvos) (< xamarinwatchos)) (&& (< monoandroid) (>= net7.0) (< xamarinios) (< xamarinmac) (< xamarintvos) (< xamarinwatchos)) (&& (>= net462) (>= net7.0)) (&& (< net6.0) (>= net7.0) (< xamarinios) (< xamarinmac) (< xamarintvos) (< xamarinwatchos)) (&& (>= net7.0) (< netcoreapp3.1) (< xamarinios) (< xamarinmac) (< xamarintvos) (< xamarinwatchos)) (&& (>= net7.0) (< netstandard2.1) (< xamarintvos) (< xamarinwatchos))
    System.Buffers (4.5.1) - restriction: || (&& (>= monoandroid) (>= net7.0) (< netstandard1.1)) (&& (< monoandroid) (>= net7.0) (< netstandard1.1)) (&& (< monoandroid) (>= net7.0) (< netstandard2.0)) (&& (>= monotouch) (>= net7.0)) (&& (>= net45) (>= net7.0) (< netstandard2.0)) (&& (>= net461) (>= net7.0)) (&& (>= net7.0) (< netcoreapp2.0)) (&& (>= net7.0) (< netstandard1.1) (>= win8)) (&& (>= net7.0) (< netstandard2.0) (>= wpa81)) (&& (>= net7.0) (>= xamarinios)) (&& (>= net7.0) (>= xamarinmac)) (&& (>= net7.0) (>= xamarintvos)) (&& (>= net7.0) (>= xamarinwatchos))
    System.CodeDom (7.0) - restriction: >= net7.0
    System.Collections.Immutable (7.0) - restriction: >= net7.0
    System.Configuration.ConfigurationManager (7.0) - restriction: >= net7.0
      System.Diagnostics.EventLog (>= 7.0) - restriction: >= net7.0
      System.Security.Cryptography.ProtectedData (>= 7.0) - restriction: || (&& (< net462) (>= netstandard2.0)) (>= net6.0)
      System.Security.Permissions (>= 7.0) - restriction: || (>= net462) (>= netstandard2.0)
    System.Diagnostics.EventLog (7.0) - restriction: >= net7.0
    System.Drawing.Common (7.0) - restriction: >= net7.0
      Microsoft.Win32.SystemEvents (>= 7.0) - restriction: >= net6.0
    System.Formats.Asn1 (7.0) - restriction: >= net7.0
    System.Memory (4.5.5) - restriction: >= net7.0
      System.Buffers (>= 4.5.1) - restriction: || (&& (>= monoandroid) (< netstandard1.1)) (&& (< monoandroid) (< net45) (>= netstandard1.1) (< netstandard2.0) (< win8) (< wpa81)) (&& (< monoandroid) (< netstandard1.1) (>= portable-net45+win8+wpa81) (< win8)) (>= monotouch) (&& (>= net45) (< netstandard2.0)) (&& (< net45) (< netcoreapp2.0) (>= netstandard2.0)) (>= net461) (&& (< netstandard1.1) (>= win8)) (&& (< netstandard2.0) (< uap10.1) (>= wpa81)) (>= xamarinios) (>= xamarinmac) (>= xamarintvos) (>= xamarinwatchos)
      System.Runtime.CompilerServices.Unsafe (>= 4.5.3) - restriction: || (&& (>= monoandroid) (< netstandard1.1)) (&& (< monoandroid) (< net45) (>= netstandard1.1) (< netstandard2.0) (< win8) (< wpa81)) (&& (< monoandroid) (>= netcoreapp2.0) (< netcoreapp2.1)) (&& (< monoandroid) (< netstandard1.1) (>= portable-net45+win8+wpa81) (< win8)) (>= monotouch) (&& (>= net45) (< netstandard2.0)) (&& (< net45) (< netcoreapp2.0) (>= netstandard2.0)) (>= net461) (&& (< netstandard1.1) (>= win8)) (&& (< netstandard2.0) (>= wpa81)) (>= uap10.1) (>= xamarinios) (>= xamarinmac) (>= xamarintvos) (>= xamarinwatchos)
    System.Numerics.Vectors (4.5) - restriction: >= net7.0
    System.Reactive (5.0) - restriction: >= net7.0
    System.Reflection.Metadata (7.0) - restriction: >= net7.0
      System.Collections.Immutable (>= 7.0) - restriction: || (>= net462) (>= netstandard2.0)
    System.Reflection.MetadataLoadContext (7.0) - restriction: >= net7.0
      System.Collections.Immutable (>= 7.0) - restriction: || (>= net462) (>= netstandard2.0)
      System.Reflection.Metadata (>= 7.0) - restriction: || (>= net462) (>= netstandard2.0)
    System.Resources.Extensions (7.0) - restriction: >= net7.0
    System.Runtime.CompilerServices.Unsafe (6.0) - restriction: >= net7.0
    System.Security.AccessControl (6.0) - restriction: >= net7.0
    System.Security.Cryptography.Cng (5.0) - restriction: >= net7.0
      System.Formats.Asn1 (>= 5.0) - restriction: && (>= netcoreapp3.0) (< xamarinios) (< xamarinmac) (< xamarintvos) (< xamarinwatchos)
    System.Security.Cryptography.Pkcs (7.0) - restriction: >= net7.0
      System.Formats.Asn1 (>= 7.0) - restriction: || (&& (< net462) (>= netstandard2.0)) (>= netstandard2.1)
    System.Security.Cryptography.ProtectedData (7.0) - restriction: >= net7.0
    System.Security.Cryptography.Xml (7.0) - restriction: >= net7.0
      System.Security.Cryptography.Pkcs (>= 7.0) - restriction: || (&& (< net462) (>= netstandard2.0)) (>= net6.0)
    System.Security.Permissions (7.0) - restriction: >= net7.0
      System.Windows.Extensions (>= 7.0) - restriction: >= net6.0
    System.Security.Principal.Windows (5.0) - restriction: >= net7.0
    System.Text.Encoding.CodePages (7.0) - restriction: >= net7.0
    System.Text.Encodings.Web (7.0) - restriction: >= net7.0
    System.Text.Json (7.0) - restriction: >= net7.0
      System.Text.Encodings.Web (>= 7.0) - restriction: || (>= net462) (>= netstandard2.0)
    System.Threading.Tasks.Dataflow (7.0) - restriction: >= net7.0
    System.Windows.Extensions (7.0) - restriction: >= net7.0
      System.Drawing.Common (>= 7.0) - restriction: >= net6.0
    Thoth.Json.Net (9.0) - restriction: >= net7.0
      Fable.Core (>= 3.1.6 < 4.0) - restriction: && (< net46) (>= netstandard2.0)
      FSharp.Core (>= 4.7.2) - restriction: || (>= net46) (>= netstandard2.0)
      Newtonsoft.Json (>= 11.0.2) - restriction: || (>= net46) (>= netstandard2.0)
