STORAGE: NONE
RESTRICTION: || (== net7.0) (== net7.0-android) (== net7.0-ios)
NUGET
  remote: https://www.nuget.org/api/v2
    Argu (6.1.1)
      FSharp.Core (>= 4.3.2)
      System.Configuration.ConfigurationManager (>= 4.4)
    BlackFox.VsWhere (1.1)
      FSharp.Core (>= 4.2.3)
      Microsoft.Win32.Registry (>= 4.7)
    Dap.Build (0.9)
      Fake.Core.Process (>= 5.23.1)
      Fake.Core.ReleaseNotes (>= 5.23.1)
      Fake.Core.String (>= 5.23.1)
      Fake.Core.Target (>= 5.23.1)
      Fake.DotNet.Cli (>= 5.23.1)
      Fake.DotNet.NuGet (>= 5.23.1)
      Fake.IO.FileSystem (>= 5.23.1)
      Fake.IO.Zip (>= 5.23.1)
      Fake.JavaScript.Yarn (>= 5.23.1)
      Fake.Net.Http (>= 5.23.1)
      Fake.Tools.Git (>= 5.23.1)
      FSharp.Core (>= 7.0)
    Dap.Context (0.11)
      Dap.Prelude (>= 0.11)
      Thoth.Json.Net (>= 9.0)
    Dap.Gui (0.9)
      Dap.Local (>= 0.11)
      Dap.Skia (>= 0.9)
      Microsoft.Maui.Essentials (>= 6.0.100-preview.5.794)
    Dap.Local (0.11)
      Argu (>= 6.1.1)
      Dap.Platform (>= 0.11)
    Dap.Platform (0.11)
      Dap.Context (>= 0.11)
      Dap.Platform.Cli (>= 0.11)
      Elmish (>= 3.1)
      NodaTime (>= 3.1.5)
    Dap.Platform.Cli (0.11)
    Dap.Prelude (0.11)
      FSharp.Core (>= 7.0)
      Serilog (>= 2.12)
      Serilog.Enrichers.Thread (>= 3.1)
      Serilog.Formatting.Compact (>= 1.1)
      Serilog.Sinks.Console (>= 4.1)
      Serilog.Sinks.File (>= 5.0)
      Serilog.Sinks.Seq (>= 5.2.2)
    Dap.Skia (0.9)
      Dap.Local (>= 0.11)
      SkiaSharp (>= 2.88.3)
    Elmish (3.1)
      FSharp.Core (>= 4.6.2)
    Fable.Core (3.7.1)
    Fabulous (2.1)
      FSharp.Core (>= 7.0)
      System.Memory (>= 4.5.5)
    Fabulous.MauiControls (2.1)
      Fabulous (>= 2.1)
      FSharp.Core (>= 7.0)
    Fake.Core.CommandLineParsing (5.23.1)
      FParsec (>= 1.1.1)
      FSharp.Core (>= 6.0)
    Fake.Core.Context (5.23.1)
      FSharp.Core (>= 6.0)
    Fake.Core.Environment (5.23.1)
      FSharp.Core (>= 6.0)
    Fake.Core.FakeVar (5.23.1)
      Fake.Core.Context (>= 5.23.1)
      FSharp.Core (>= 6.0)
    Fake.Core.Process (5.23.1)
      Fake.Core.Environment (>= 5.23.1)
      Fake.Core.FakeVar (>= 5.23.1)
      Fake.Core.String (>= 5.23.1)
      Fake.Core.Trace (>= 5.23.1)
      Fake.IO.FileSystem (>= 5.23.1)
      FSharp.Core (>= 6.0)
      System.Collections.Immutable (>= 5.0)
    Fake.Core.ReleaseNotes (5.23.1)
      Fake.Core.SemVer (>= 5.23.1)
      Fake.Core.String (>= 5.23.1)
      FSharp.Core (>= 6.0)
    Fake.Core.SemVer (5.23.1)
      FSharp.Core (>= 6.0)
    Fake.Core.String (5.23.1)
      FSharp.Core (>= 6.0)
    Fake.Core.Target (5.23.1)
      Fake.Core.CommandLineParsing (>= 5.23.1)
      Fake.Core.Context (>= 5.23.1)
      Fake.Core.Environment (>= 5.23.1)
      Fake.Core.FakeVar (>= 5.23.1)
      Fake.Core.Process (>= 5.23.1)
      Fake.Core.String (>= 5.23.1)
      Fake.Core.Trace (>= 5.23.1)
      FSharp.Control.Reactive (>= 5.0.2)
      FSharp.Core (>= 6.0)
    Fake.Core.Tasks (5.23.1)
      Fake.Core.Trace (>= 5.23.1)
      FSharp.Core (>= 6.0)
    Fake.Core.Trace (5.23.1)
      Fake.Core.Environment (>= 5.23.1)
      Fake.Core.FakeVar (>= 5.23.1)
      FSharp.Core (>= 6.0)
    Fake.Core.Xml (5.23.1)
      Fake.Core.String (>= 5.23.1)
      FSharp.Core (>= 6.0)
    Fake.DotNet.Cli (5.23.1)
      Fake.Core.Environment (>= 5.23.1)
      Fake.Core.Process (>= 5.23.1)
      Fake.Core.String (>= 5.23.1)
      Fake.Core.Trace (>= 5.23.1)
      Fake.DotNet.MSBuild (>= 5.23.1)
      Fake.DotNet.NuGet (>= 5.23.1)
      Fake.IO.FileSystem (>= 5.23.1)
      FSharp.Core (>= 6.0)
      Mono.Posix.NETStandard (>= 1.0)
      Newtonsoft.Json (>= 13.0.1)
    Fake.DotNet.MSBuild (5.23.1)
      BlackFox.VsWhere (>= 1.1)
      Fake.Core.Environment (>= 5.23.1)
      Fake.Core.Process (>= 5.23.1)
      Fake.Core.String (>= 5.23.1)
      Fake.Core.Trace (>= 5.23.1)
      Fake.IO.FileSystem (>= 5.23.1)
      FSharp.Core (>= 6.0)
      MSBuild.StructuredLogger (>= 2.1.545)
    Fake.DotNet.NuGet (5.23.1)
      Fake.Core.Environment (>= 5.23.1)
      Fake.Core.Process (>= 5.23.1)
      Fake.Core.SemVer (>= 5.23.1)
      Fake.Core.String (>= 5.23.1)
      Fake.Core.Tasks (>= 5.23.1)
      Fake.Core.Trace (>= 5.23.1)
      Fake.Core.Xml (>= 5.23.1)
      Fake.IO.FileSystem (>= 5.23.1)
      Fake.Net.Http (>= 5.23.1)
      FSharp.Core (>= 6.0)
      Newtonsoft.Json (>= 13.0.1)
      NuGet.Protocol (>= 5.11)
    Fake.IO.FileSystem (5.23.1)
      Fake.Core.String (>= 5.23.1)
      FSharp.Core (>= 6.0)
    Fake.IO.Zip (5.23.1)
      Fake.Core.String (>= 5.23.1)
      Fake.IO.FileSystem (>= 5.23.1)
      FSharp.Core (>= 6.0)
    Fake.JavaScript.Yarn (5.23.1)
      Fake.Core.Environment (>= 5.23.1)
      Fake.Core.Process (>= 5.23.1)
      FSharp.Core (>= 6.0)
    Fake.Net.Http (5.23.1)
      Fake.Core.Trace (>= 5.23.1)
      FSharp.Core (>= 6.0)
    Fake.Tools.Git (5.23.1)
      Fake.Core.Environment (>= 5.23.1)
      Fake.Core.Process (>= 5.23.1)
      Fake.Core.SemVer (>= 5.23.1)
      Fake.Core.String (>= 5.23.1)
      Fake.Core.Trace (>= 5.23.1)
      Fake.IO.FileSystem (>= 5.23.1)
      FSharp.Core (>= 6.0)
    FParsec (1.1.1)
      FSharp.Core (>= 4.3.4)
    FSharp.Control.Reactive (5.0.5)
      FSharp.Core (>= 4.7.2)
      System.Reactive (>= 5.0 < 6.0)
    FSharp.Core (7.0)
    Microsoft.Build (17.4)
      Microsoft.Build.Framework (>= 17.4)
      Microsoft.NET.StringTools (>= 17.4)
      System.Collections.Immutable (>= 6.0)
      System.Configuration.ConfigurationManager (>= 6.0)
      System.Reflection.Metadata (>= 6.0)
      System.Reflection.MetadataLoadContext (>= 6.0)
      System.Security.Principal.Windows (>= 5.0)
      System.Text.Encoding.CodePages (>= 6.0)
      System.Text.Json (>= 6.0)
      System.Threading.Tasks.Dataflow (>= 6.0)
    Microsoft.Build.Framework (17.4)
      System.Security.Permissions (>= 6.0)
    Microsoft.Build.Tasks.Core (17.4)
      Microsoft.Build.Framework (>= 17.4)
      Microsoft.Build.Utilities.Core (>= 17.4)
      Microsoft.NET.StringTools (>= 17.4)
      System.CodeDom (>= 6.0)
      System.Collections.Immutable (>= 6.0)
      System.Reflection.Metadata (>= 6.0)
      System.Resources.Extensions (>= 6.0)
      System.Security.Cryptography.Pkcs (>= 6.0.1)
      System.Security.Cryptography.Xml (>= 6.0)
      System.Security.Permissions (>= 6.0)
      System.Threading.Tasks.Dataflow (>= 6.0)
    Microsoft.Build.Tasks.Git (1.1.1)
    Microsoft.Build.Utilities.Core (17.4)
      Microsoft.Build.Framework (>= 17.4)
      Microsoft.NET.StringTools (>= 17.4)
      System.Collections.Immutable (>= 6.0)
      System.Configuration.ConfigurationManager (>= 6.0)
    Microsoft.Extensions.Configuration (7.0)
      Microsoft.Extensions.Configuration.Abstractions (>= 7.0)
      Microsoft.Extensions.Primitives (>= 7.0)
    Microsoft.Extensions.Configuration.Abstractions (7.0)
      Microsoft.Extensions.Primitives (>= 7.0)
    Microsoft.Extensions.DependencyInjection (7.0)
      Microsoft.Extensions.DependencyInjection.Abstractions (>= 7.0)
    Microsoft.Extensions.DependencyInjection.Abstractions (7.0)
    Microsoft.Extensions.FileProviders.Abstractions (7.0)
      Microsoft.Extensions.Primitives (>= 7.0)
    Microsoft.Extensions.Hosting.Abstractions (7.0)
      Microsoft.Extensions.Configuration.Abstractions (>= 7.0)
      Microsoft.Extensions.DependencyInjection.Abstractions (>= 7.0)
      Microsoft.Extensions.FileProviders.Abstractions (>= 7.0)
    Microsoft.Extensions.Logging.Abstractions (7.0)
    Microsoft.Extensions.Primitives (7.0)
    Microsoft.Maui.Controls (6.0.100-preview.5.794)
      Microsoft.Maui.Core (>= 6.0.100-preview.5.794)
    Microsoft.Maui.Core (6.0.100-preview.5.794)
      Microsoft.Extensions.Configuration (>= 5.0)
      Microsoft.Extensions.DependencyInjection (>= 5.0.1)
      Microsoft.Extensions.Hosting.Abstractions (>= 5.0)
      Microsoft.Extensions.Logging.Abstractions (>= 5.0)
      Microsoft.Maui.Graphics (>= 6.0.100-preview.5.229)
      Reloadify3000 (>= 1.0.6)
    Microsoft.Maui.Essentials (6.0.100-preview.5.794)
      Microsoft.Maui.Graphics (>= 6.0.100-preview.5.229)
      System.Numerics.Vectors (>= 4.5)
    Microsoft.Maui.Graphics (7.0.49)
    Microsoft.NET.StringTools (17.4)
      System.Memory (>= 4.5.5)
      System.Runtime.CompilerServices.Unsafe (>= 6.0)
    Microsoft.SourceLink.Common (1.1.1)
    Microsoft.SourceLink.GitHub (1.1.1)
      Microsoft.Build.Tasks.Git (>= 1.1.1)
      Microsoft.SourceLink.Common (>= 1.1.1)
    Microsoft.Win32.Registry (5.0)
      System.Buffers (>= 4.5.1) - restriction: || (&& (== net7.0) (>= monoandroid) (< netstandard1.3)) (&& (== net7.0) (>= monotouch)) (&& (== net7.0) (< netcoreapp2.0)) (&& (== net7.0) (>= xamarinios)) (&& (== net7.0) (>= xamarinmac)) (&& (== net7.0) (>= xamarintvos)) (&& (== net7.0) (>= xamarinwatchos)) (&& (== net7.0-android) (>= monotouch)) (&& (== net7.0-android) (< netcoreapp2.0)) (&& (== net7.0-android) (< netstandard1.3)) (&& (== net7.0-android) (>= xamarinios)) (&& (== net7.0-android) (>= xamarinmac)) (&& (== net7.0-android) (>= xamarintvos)) (&& (== net7.0-android) (>= xamarinwatchos)) (== net7.0-ios)
      System.Security.AccessControl (>= 5.0)
      System.Security.Principal.Windows (>= 5.0)
    Microsoft.Win32.SystemEvents (7.0)
    Mono.Posix.NETStandard (1.0)
    MSBuild.StructuredLogger (2.1.669)
      Microsoft.Build (>= 16.10)
      Microsoft.Build.Framework (>= 16.10)
      Microsoft.Build.Tasks.Core (>= 16.10)
      Microsoft.Build.Utilities.Core (>= 16.10)
    Newtonsoft.Json (13.0.1)
    NodaTime (3.1.5)
      System.Runtime.CompilerServices.Unsafe (>= 4.7.1)
    NuGet.Common (6.4)
      NuGet.Frameworks (>= 6.4)
    NuGet.Configuration (6.4)
      NuGet.Common (>= 6.4)
      System.Security.Cryptography.ProtectedData (>= 4.4)
    NuGet.Frameworks (6.4)
    NuGet.Packaging (6.4)
      Newtonsoft.Json (>= 13.0.1)
      NuGet.Configuration (>= 6.4)
      NuGet.Versioning (>= 6.4)
      System.Security.Cryptography.Cng (>= 5.0)
      System.Security.Cryptography.Pkcs (>= 5.0)
    NuGet.Protocol (6.4)
      NuGet.Packaging (>= 6.4)
    NuGet.Versioning (6.4)
    Reloadify3000 (1.0.8)
      Newtonsoft.Json (>= 13.0.1)
    Serilog (2.12)
    Serilog.Enrichers.Thread (3.1)
      Serilog (>= 2.3)
    Serilog.Formatting.Compact (1.1)
      Serilog (>= 2.8)
    Serilog.Sinks.Console (4.1)
      Serilog (>= 2.10)
    Serilog.Sinks.File (5.0)
      Serilog (>= 2.10)
    Serilog.Sinks.PeriodicBatching (3.1)
      Serilog (>= 2.0)
    Serilog.Sinks.Seq (5.2.2)
      Serilog (>= 2.12)
      Serilog.Formatting.Compact (>= 1.1)
      Serilog.Sinks.File (>= 5.0)
      Serilog.Sinks.PeriodicBatching (>= 3.1)
    SkiaSharp (2.88.3)
      SkiaSharp.NativeAssets.macOS (>= 2.88.3) - restriction: || (== net7.0) (&& (== net7.0-android) (< monoandroid)) (&& (== net7.0-android) (>= net462)) (&& (== net7.0-android) (< net6.0)) (&& (== net7.0-android) (>= net6.0-macos)) (&& (== net7.0-android) (< netcoreapp3.1)) (&& (== net7.0-android) (< netstandard2.1)) (&& (== net7.0-ios) (>= net462)) (&& (== net7.0-ios) (< net6.0) (>= xamarinmac)) (&& (== net7.0-ios) (>= net6.0-macos)) (&& (== net7.0-ios) (< netstandard2.0)) (&& (== net7.0-ios) (< netstandard2.1)) (&& (== net7.0-ios) (< xamarinios))
      SkiaSharp.NativeAssets.Win32 (>= 2.88.3) - restriction: || (== net7.0) (&& (== net7.0-android) (< monoandroid)) (&& (== net7.0-android) (>= net462)) (&& (== net7.0-android) (< net6.0)) (&& (== net7.0-android) (< netcoreapp3.1)) (&& (== net7.0-android) (< netstandard2.1)) (&& (== net7.0-ios) (>= net462)) (&& (== net7.0-ios) (< netstandard2.0)) (&& (== net7.0-ios) (< netstandard2.1)) (&& (== net7.0-ios) (< xamarinios))
    SkiaSharp.NativeAssets.macOS (2.88.3) - restriction: || (== net7.0) (&& (== net7.0-android) (== net7.0-ios)) (&& (== net7.0-android) (< monoandroid)) (&& (== net7.0-android) (>= net462)) (&& (== net7.0-android) (< net6.0)) (&& (== net7.0-android) (>= net6.0-macos)) (&& (== net7.0-android) (< netcoreapp3.1)) (&& (== net7.0-android) (< netstandard2.1)) (&& (== net7.0-ios) (>= net462)) (&& (== net7.0-ios) (< net6.0) (>= xamarinmac)) (&& (== net7.0-ios) (>= net6.0-macos)) (&& (== net7.0-ios) (< netstandard2.0)) (&& (== net7.0-ios) (< netstandard2.1)) (&& (== net7.0-ios) (< xamarinios))
    SkiaSharp.NativeAssets.Win32 (2.88.3) - restriction: || (== net7.0) (&& (== net7.0-android) (== net7.0-ios)) (&& (== net7.0-android) (< monoandroid)) (&& (== net7.0-android) (>= net462)) (&& (== net7.0-android) (< net6.0)) (&& (== net7.0-android) (< netcoreapp3.1)) (&& (== net7.0-android) (< netstandard2.1)) (&& (== net7.0-ios) (>= net462)) (&& (== net7.0-ios) (< netstandard2.0)) (&& (== net7.0-ios) (< netstandard2.1)) (&& (== net7.0-ios) (< xamarinios))
    System.Buffers (4.5.1) - restriction: || (&& (== net7.0) (>= monotouch)) (&& (== net7.0) (>= net461)) (&& (== net7.0) (< netcoreapp2.0)) (&& (== net7.0) (< netstandard1.1)) (&& (== net7.0) (< netstandard2.0)) (&& (== net7.0) (>= xamarinios)) (&& (== net7.0) (>= xamarinmac)) (&& (== net7.0) (>= xamarintvos)) (&& (== net7.0) (>= xamarinwatchos)) (&& (== net7.0-android) (< monoandroid) (< netstandard2.0)) (&& (== net7.0-android) (>= monotouch)) (&& (== net7.0-android) (>= net45) (< netstandard2.0)) (&& (== net7.0-android) (>= net461)) (&& (== net7.0-android) (< netcoreapp2.0)) (&& (== net7.0-android) (< netstandard1.1)) (&& (== net7.0-android) (< netstandard2.0) (>= wpa81)) (&& (== net7.0-android) (>= xamarinios)) (&& (== net7.0-android) (>= xamarinmac)) (&& (== net7.0-android) (>= xamarintvos)) (&& (== net7.0-android) (>= xamarinwatchos)) (== net7.0-ios)
    System.CodeDom (7.0)
    System.Collections.Immutable (7.0)
    System.Configuration.ConfigurationManager (7.0)
      System.Diagnostics.EventLog (>= 7.0)
      System.Security.Cryptography.ProtectedData (>= 7.0)
      System.Security.Permissions (>= 7.0)
    System.Diagnostics.EventLog (7.0)
    System.Drawing.Common (7.0)
      Microsoft.Win32.SystemEvents (>= 7.0)
    System.Formats.Asn1 (7.0)
    System.Memory (4.5.5)
      System.Buffers (>= 4.5.1) - restriction: || (&& (== net7.0) (>= monotouch)) (&& (== net7.0) (>= net461)) (&& (== net7.0) (< netcoreapp2.0)) (&& (== net7.0) (< netstandard1.1)) (&& (== net7.0) (< netstandard2.0)) (&& (== net7.0) (>= xamarinios)) (&& (== net7.0) (>= xamarinmac)) (&& (== net7.0) (>= xamarintvos)) (&& (== net7.0) (>= xamarinwatchos)) (&& (== net7.0-android) (< monoandroid) (< netstandard2.0)) (&& (== net7.0-android) (>= monotouch)) (&& (== net7.0-android) (>= net45) (< netstandard2.0)) (&& (== net7.0-android) (>= net461)) (&& (== net7.0-android) (< netcoreapp2.0)) (&& (== net7.0-android) (< netstandard1.1)) (&& (== net7.0-android) (< netstandard2.0) (>= wpa81)) (&& (== net7.0-android) (>= xamarinios)) (&& (== net7.0-android) (>= xamarinmac)) (&& (== net7.0-android) (>= xamarintvos)) (&& (== net7.0-android) (>= xamarinwatchos)) (== net7.0-ios)
      System.Runtime.CompilerServices.Unsafe (>= 4.5.3) - restriction: || (&& (== net7.0) (>= monotouch)) (&& (== net7.0) (>= net461)) (&& (== net7.0) (< netcoreapp2.0)) (&& (== net7.0) (< netcoreapp2.1)) (&& (== net7.0) (< netstandard1.1)) (&& (== net7.0) (< netstandard2.0)) (&& (== net7.0) (>= uap10.1)) (&& (== net7.0) (>= xamarinios)) (&& (== net7.0) (>= xamarinmac)) (&& (== net7.0) (>= xamarintvos)) (&& (== net7.0) (>= xamarinwatchos)) (&& (== net7.0-android) (< monoandroid) (< netcoreapp2.1)) (&& (== net7.0-android) (< monoandroid) (< netstandard2.0)) (&& (== net7.0-android) (>= monotouch)) (&& (== net7.0-android) (>= net45) (< netstandard2.0)) (&& (== net7.0-android) (>= net461)) (&& (== net7.0-android) (< netcoreapp2.0)) (&& (== net7.0-android) (< netstandard1.1)) (&& (== net7.0-android) (< netstandard2.0) (>= wpa81)) (&& (== net7.0-android) (>= uap10.1)) (&& (== net7.0-android) (>= xamarinios)) (&& (== net7.0-android) (>= xamarinmac)) (&& (== net7.0-android) (>= xamarintvos)) (&& (== net7.0-android) (>= xamarinwatchos)) (== net7.0-ios)
    System.Numerics.Vectors (4.5)
    System.Reactive (5.0)
    System.Reflection.Metadata (7.0)
      System.Collections.Immutable (>= 7.0)
    System.Reflection.MetadataLoadContext (7.0)
      System.Collections.Immutable (>= 7.0)
      System.Reflection.Metadata (>= 7.0)
    System.Resources.Extensions (7.0)
    System.Runtime.CompilerServices.Unsafe (6.0)
    System.Security.AccessControl (6.0)
    System.Security.Cryptography.Cng (5.0)
      System.Formats.Asn1 (>= 5.0) - restriction: || (== net7.0) (== net7.0-android) (&& (== net7.0-ios) (< xamarinios))
    System.Security.Cryptography.Pkcs (7.0)
      System.Formats.Asn1 (>= 7.0)
    System.Security.Cryptography.ProtectedData (7.0)
    System.Security.Cryptography.Xml (7.0)
      System.Security.Cryptography.Pkcs (>= 7.0)
    System.Security.Permissions (7.0)
      System.Windows.Extensions (>= 7.0)
    System.Security.Principal.Windows (5.0)
    System.Text.Encoding.CodePages (7.0)
    System.Text.Encodings.Web (7.0)
    System.Text.Json (7.0)
      System.Text.Encodings.Web (>= 7.0)
    System.Threading.Tasks.Dataflow (7.0)
    System.Windows.Extensions (7.0)
      System.Drawing.Common (>= 7.0)
    Thoth.Json.Net (9.0)
      Fable.Core (>= 3.1.6 < 4.0)
      FSharp.Core (>= 4.7.2)
      Newtonsoft.Json (>= 11.0.2)
