STORAGE: NONE
RESTRICTION: || (== netcoreapp2.2) (== netstandard2.0)
NUGET
  remote: https://www.nuget.org/api/v2
    Dap.Build (0.9)
    Dap.Context (0.11)
    Dap.Gui (0.9)
    Dap.Local (0.11)
    Dap.Platform (0.11)
    Dap.Platform.Cli (0.11)
    Dap.Prelude (0.11)
    Dap.Skia (0.9)
    Fabulous (1.1)
      FSharp.Core (>= 4.7)
    Fabulous.Core (0.36)
      Fabulous.CustomControls (>= 0.36)
      FSharp.Core (>= 4.5.2)
      Xamarin.Forms (>= 4.0.0.425677)
    Fabulous.CustomControls (0.36)
      FSharp.Core (>= 4.5.2)
      Xamarin.Forms (>= 4.0.0.425677)
    Fabulous.LiveUpdate (1.1)
      Fabulous (>= 1.0 < 2.0)
      FSharp.Core (>= 4.7)
      Newtonsoft.Json (>= 12.0.1)
    FSharp.Core (7.0)
    Microsoft.Build.Tasks.Git (1.1.1)
    Microsoft.Maui (6.0.100-preview.5.794)
    Microsoft.SourceLink.Common (1.1.1)
    Microsoft.SourceLink.GitHub (1.1.1)
      Microsoft.Build.Tasks.Git (>= 1.1.1)
      Microsoft.SourceLink.Common (>= 1.1.1)
    Newtonsoft.Json (13.0.1)
    Xamarin.Forms (5.0.0.2515)
